GEM
  remote: https://rubygems.org/
  specs:
    animation (0.1.alpha.3)
      compass (>= 0.12.0)
      sass (>= 3.2.0.alpha.95)
    aws-sdk (2.2.30)
      aws-sdk-resources (= 2.2.30)
    aws-sdk-core (2.2.30)
      jmespath (~> 1.0)
    aws-sdk-resources (2.2.30)
      aws-sdk-core (= 2.2.30)
    chunky_png (1.3.5)
    classifier (1.3.4)
      fast-stemmer (>= 1.0.0)
    cmdparse (3.0.1)
    colorator (0.1)
    commander (4.1.6)
      highline (~> 1.6.11)
    compass (0.12.2)
      chunky_png (~> 1.2)
      fssm (>= 0.2.7)
      sass (~> 3.1)
    compass-rgbapng (0.2.1)
      chunky_png (>= 0.8.0)
      compass (>= 0.10.0)
    directory_watcher (1.4.1)
    fast-stemmer (1.0.2)
    fssm (0.2.10)
    haml (4.0.7)
      tilt
    highline (1.6.21)
    jekyll (1.2.0)
      classifier (~> 1.3)
      colorator (~> 0.1)
      commander (~> 4.1.3)
      directory_watcher (~> 1.4.1)
      liquid (~> 2.5.1)
      maruku (~> 0.5)
      pygments.rb (~> 0.5.0)
      redcarpet (~> 2.2.2)
      safe_yaml (~> 0.7.0)
    jekyll-haml (0.1.1)
      haml (>= 3.0.0)
      jekyll (>= 0.10.0)
    jmespath (1.1.3)
    liquid (2.5.5)
    listen (0.7.3)
    maruku (0.7.2)
    posix-spawn (0.3.11)
    pygments.rb (0.5.4)
      posix-spawn (~> 0.3.6)
      yajl-ruby (~> 1.1.0)
    redcarpet (2.2.2)
    s3sync (2.0.2)
      aws-sdk
      cmdparse
    safe_yaml (0.7.1)
    sass (3.3.0.alpha.149)
      listen (~> 0.7)
    tilt (2.0.2)
    yajl-ruby (1.1.0)

PLATFORMS
  ruby

DEPENDENCIES
  animation
  compass (= 0.12.2)
  compass-rgbapng
  haml
  jekyll (= 1.2.0)
  jekyll-haml (= 0.1.1)
  s3sync
  sass (= 3.3.0.alpha.149)

BUNDLED WITH
   1.11.2
